GIT
  remote: https://github.com/travis-ci/dpl.git
  revision: 56e5a5c631da074a7aea7e9ecb23596745950edb
  specs:
    dpl (2.0.3.beta.4)
      cl (~> 1.0)

GIT
  remote: https://github.com/travis-ci/travis-conditions
  revision: c5e8ab12b48b0e5b316dc41b5104887f54ab1ada
  specs:
    travis-conditions (1.0.16)
      parslet (~> 1.8.2)
      sh_vars (~> 1.0.2)

GIT
  remote: https://github.com/travis-ci/travis-config
  revision: 42b56ca54b9e4341817a7d3dc8fdf61a436e05bb
  specs:
    travis-config (2.0.0)
      hashr (~> 2.0)

GIT
  remote: https://github.com/travis-ci/travis-metrics
  revision: 6dcec59b4e85ef8a0dc10ca07c3a0b39157e9bca
  ref: sf-unfork
  specs:
    travis-metrics (2.0.0)
      metriks-librato_metrics (~> 1.0)

PATH
  remote: .
  specs:
    travis-yml (1.0.0)
      amatch (~> 0.4.0)
      faraday
      faraday_middleware
      memoyze (~> 0.0.1)
      oj (~> 3.7.10)
      regstry (~> 1.0.2)
      ruby-obj (~> 1.0.0)
      sh_vars (~> 1.0.0)
      travis-conditions (~> 1.0.5)

GEM
  remote: https://rubygems.org/
  specs:
    addressable (2.8.6)
      public_suffix (>= 2.0.2, < 6.0)
    amatch (0.4.1)
      mize
      tins (~> 1.0)
    atomic (1.1.101)
    avl_tree (1.2.1)
      atomic (~> 1.1)
    bigdecimal (3.1.6)
    cl (1.2.4)
      regstry (~> 1.0.3)
    coderay (1.1.3)
    crack (1.0.0)
      bigdecimal
      rexml
    diff-lcs (1.5.1)
    e2mmap (0.1.0)
    faraday (1.10.3)
      faraday-em_http (~> 1.0)
      faraday-em_synchrony (~> 1.0)
      faraday-excon (~> 1.1)
      faraday-httpclient (~> 1.0)
      faraday-multipart (~> 1.0)
      faraday-net_http (~> 1.0)
      faraday-net_http_persistent (~> 1.0)
      faraday-patron (~> 1.0)
      faraday-rack (~> 1.0)
      faraday-retry (~> 1.0)
      ruby2_keywords (>= 0.0.4)
    faraday-em_http (1.0.0)
    faraday-em_synchrony (1.0.0)
    faraday-excon (1.1.0)
    faraday-httpclient (1.0.1)
    faraday-multipart (1.0.4)
      multipart-post (~> 2)
    faraday-net_http (1.0.1)
    faraday-net_http_persistent (1.2.0)
    faraday-patron (1.0.0)
    faraday-rack (1.0.0)
    faraday-retry (1.0.3)
    faraday_middleware (1.2.0)
      faraday (~> 1.0)
    hashdiff (1.1.0)
    hashr (2.0.1)
    hitimes (1.3.1)
    json-schema (4.1.1)
      addressable (>= 2.8)
    memoyze (0.0.1)
    method_source (1.0.0)
    metriks (0.9.9.8)
      atomic (~> 1.0)
      avl_tree (~> 1.2.0)
      hitimes (~> 1.1)
    metriks-librato_metrics (1.0.6)
      metriks (>= 0.9.9.6)
    mize (0.4.1)
      protocol (~> 2.0)
    multi_json (1.15.0)
    multipart-post (2.4.0)
    mustermann (2.0.2)
      ruby2_keywords (~> 0.0.1)
    nio4r (2.7.0)
    oj (3.7.12)
    parslet (1.8.2)
    protocol (2.0.0)
      ruby_parser (~> 3.0)
    pry (0.14.2)
      coderay (~> 1.1)
      method_source (~> 1.0)
    public_suffix (5.0.4)
    puma (6.3.1)
      nio4r (~> 2.0)
    racc (1.7.3)
    rack (2.2.8.1)
    rack-cors (2.0.2)
      rack (>= 2.0.0)
    rack-protection (2.2.4)
      rack
    rack-ssl-enforcer (0.2.9)
    rack-test (2.1.0)
      rack (>= 1.3)
    rake (13.1.0)
    redcarpet (3.6.0)
    regstry (1.0.15)
    rexml (3.2.6)
    rspec (3.13.0)
      rspec-core (~> 3.13.0)
      rspec-expectations (~> 3.13.0)
      rspec-mocks (~> 3.13.0)
    rspec-core (3.13.0)
      rspec-support (~> 3.13.0)
    rspec-expectations (3.13.0)
      diff-lcs (>= 1.2.0, < 2.0)
      rspec-support (~> 3.13.0)
    rspec-mocks (3.13.0)
      diff-lcs (>= 1.2.0, < 2.0)
      rspec-support (~> 3.13.0)
    rspec-support (3.13.1)
    ruby-obj (1.0.0)
    ruby2_keywords (0.0.5)
    ruby_parser (3.21.0)
      racc (~> 1.5)
      sexp_processor (~> 4.16)
    sentry-raven (3.1.2)
      faraday (>= 1.0)
    sexp_processor (4.17.1)
    sh_vars (1.0.2)
    sinatra (2.2.4)
      mustermann (~> 2.0)
      rack (~> 2.2)
      rack-protection (= 2.2.4)
      tilt (~> 2.0)
    sinatra-contrib (2.2.4)
      multi_json
      mustermann (~> 2.0)
      rack-protection (= 2.2.4)
      sinatra (= 2.2.4)
      tilt (~> 2.0)
    sync (0.5.0)
    thwait (0.2.0)
      e2mmap
    tilt (2.3.0)
    tins (1.32.1)
      sync
    webmock (3.23.0)
      addressable (>= 2.8.0)
      crack (>= 0.3.2)
      hashdiff (>= 0.4.0, < 2.0.0)

PLATFORMS
  arm64-darwin-22
  x86_64-darwin-22
  x86_64-linux

DEPENDENCIES
  dpl!
  json-schema
  pry
  puma (~> 6.3.0)
  rack-cors
  rack-ssl-enforcer (~> 0.2.9)
  rack-test
  rake
  redcarpet
  rexml
  rspec
  sentry-raven (~> 3.1.2)
  sinatra (~> 2)
  sinatra-contrib
  thwait
  travis-conditions!
  travis-config!
  travis-metrics!
  travis-yml!
  webmock

RUBY VERSION
   ruby 3.2.2p53

BUNDLED WITH
   2.4.17
