GIT
  remote: https://github.com/travis-ci/dpl.git
  revision: 8a159e2d1fe5d047c17df190b92e2029cd0712aa
  specs:
    dpl (2.0.0.beta.2)
      cl (~> 1.0)

GIT
  remote: https://github.com/travis-ci/travis-conditions
  revision: 48cc6e43a0edc131397913122adfb0bee9a37db7
  branch: tbt199
  specs:
    travis-conditions (1.0.15)
      parslet (~> 1.8.2)
      sh_vars (~> 1.0.2)

GIT
  remote: https://github.com/travis-ci/travis-config
  revision: 601e9a6dcb799dc14944c40153c60aaf935629ee
  specs:
    travis-config (2.0.0)
      hashr (~> 2.0)

GIT
  remote: https://github.com/travis-ci/travis-metrics
  revision: 6dcec59b4e85ef8a0dc10ca07c3a0b39157e9bca
  ref: sf-unfork
  specs:
    travis-metrics (2.0.0)
      metriks-librato_metrics (~> 1.0)

PATH
  remote: .
  specs:
    travis-yml (1.0.0)
      amatch (~> 0.4.0)
      faraday
      faraday_middleware
      memoyze (~> 0.0.1)
      oj (~> 3.16.7)
      regstry (~> 1.0.2)
      ruby-obj (~> 1.0.0)
      sh_vars (~> 1.0.0)
      travis-conditions (~> 1.0.5)

GEM
  remote: https://rubygems.org/
  specs:
    addressable (2.6.0)
      public_suffix (>= 2.0.2, < 4.0)
    amatch (0.4.1)
      mize
      tins (~> 1.0)
    atomic (1.1.101)
    avl_tree (1.2.1)
      atomic (~> 1.1)
    backports (3.15.0)
    bigdecimal (3.1.8)
    cl (1.2.4)
      regstry (~> 1.0.3)
    coderay (1.1.3)
    crack (0.4.3)
      safe_yaml (~> 1.0.0)
    diff-lcs (1.3)
    e2mmap (0.1.0)
    faraday (1.3.0)
      faraday-net_http (~> 1.0)
      multipart-post (>= 1.2, < 3)
      ruby2_keywords
    faraday-net_http (1.0.1)
    faraday_middleware (1.2.0)
      faraday (~> 1.0)
    hashdiff (1.0.0)
    hashr (2.0.1)
    hitimes (1.3.1)
    json-schema (2.8.1)
      addressable (>= 2.4)
    memoyze (0.0.1)
    method_source (1.0.0)
    metriks (0.9.9.8)
      atomic (~> 1.0)
      avl_tree (~> 1.2.0)
      hitimes (~> 1.1)
    metriks-librato_metrics (1.0.6)
      metriks (>= 0.9.9.6)
    mize (0.4.1)
      protocol (~> 2.0)
    multi_json (1.14.1)
    multipart-post (2.1.1)
    mustermann (1.1.1)
      ruby2_keywords (~> 0.0.1)
    nio4r (2.5.9)
    oj (3.16.7)
      bigdecimal (>= 3.0)
      ostruct (>= 0.2)
    ostruct (0.6.1)
    parslet (1.8.2)
    protocol (2.0.0)
      ruby_parser (~> 3.0)
    pry (0.14.2)
      coderay (~> 1.1)
      method_source (~> 1.0)
    public_suffix (3.0.3)
    puma (6.3.0)
      nio4r (~> 2.0)
    rack (2.2.3)
    rack-cors (1.1.1)
      rack (>= 2.0.0)
    rack-protection (2.0.8.1)
      rack
    rack-ssl-enforcer (0.2.9)
    rack-test (1.1.0)
      rack (>= 1.0, < 3)
    rake (13.0.1)
    redcarpet (3.4.0)
    regstry (1.0.15)
    rexml (3.2.5)
    rspec (3.8.0)
      rspec-core (~> 3.8.0)
      rspec-expectations (~> 3.8.0)
      rspec-mocks (~> 3.8.0)
    rspec-core (3.8.0)
      rspec-support (~> 3.8.0)
    rspec-expectations (3.8.3)
      diff-lcs (>= 1.2.0, < 2.0)
      rspec-support (~> 3.8.0)
    rspec-mocks (3.8.0)
      diff-lcs (>= 1.2.0, < 2.0)
      rspec-support (~> 3.8.0)
    rspec-support (3.8.0)
    ruby-obj (1.0.0)
    ruby2_keywords (0.0.2)
    ruby_parser (3.20.2)
      sexp_processor (~> 4.16)
    safe_yaml (1.0.5)
    sentry-raven (3.1.2)
      faraday (>= 1.0)
    sexp_processor (4.17.0)
    sh_vars (1.0.2)
    sinatra (2.0.8.1)
      mustermann (~> 1.0)
      rack (~> 2.0)
      rack-protection (= 2.0.8.1)
      tilt (~> 2.0)
    sinatra-contrib (2.0.8.1)
      backports (>= 2.8.2)
      multi_json
      mustermann (~> 1.0)
      rack-protection (= 2.0.8.1)
      sinatra (= 2.0.8.1)
      tilt (~> 2.0)
    sync (0.5.0)
    thwait (0.2.0)
      e2mmap
    tilt (2.0.10)
    tins (1.24.1)
      sync
    webmock (3.8.1)
      addressable (>= 2.3.6)
      crack (>= 0.3.2)
      hashdiff (>= 0.4.0, < 2.0.0)

PLATFORMS
  ruby

DEPENDENCIES
  dpl!
  json-schema
  pry
  puma (~> 6.3.0)
  rack-cors
  rack-ssl-enforcer (~> 0.2.9)
  rack-test
  rake
  redcarpet
  rexml
  rspec
  sentry-raven (~> 3.1.2)
  sinatra
  sinatra-contrib
  thwait
  travis-conditions!
  travis-config!
  travis-metrics!
  travis-yml!
  webmock

RUBY VERSION
   ruby 3.2.2

BUNDLED WITH
   2.4.19
